GEM
  remote: https://rubygems.org/
  specs:
    nokogiri (1.15.4-arm64-darwin)
      racc (~> 1.4)
    racc (1.7.1)
    roo (2.10.0)
      nokogiri (~> 1)
      rubyzip (>= 1.3.0, < 3.0.0)
    rubyzip (2.3.2)

PLATFORMS
  arm64-darwin-22

DEPENDENCIES
  roo

BUNDLED WITH
   2.4.10
